PATH
  remote: .
  specs:
    copperegg (0.5.1)
      multi_json (>= 1.3.0)

GEM
  remote: http://rubygems.org/
  specs:
    coderay (1.0.8)
    method_source (0.8)
    multi_json (1.3.7)
    pry (0.9.10)
      coderay (~> 1.0.5)
      method_source (~> 0.8)
      slop (~> 3.3.1)
    slop (3.3.3)

PLATFORMS
  ruby

DEPENDENCIES
  copperegg!
  pry
